GEM
  remote: https://rubygems.org/
  specs:
    addressable (2.8.7)
      public_suffix (>= 2.0.2, < 7.0)
    base64 (0.2.0)
    connection_pool (2.4.1)
    domain_name (0.6.20240107)
    ffi (1.17.0)
    ffi (1.17.0-arm64-darwin)
    gdbm (2.1.0)
    http-cookie (1.0.6)
      domain_name (~> 0.5)
    mechanize (2.12.0)
      addressable (~> 2.8)
      base64
      domain_name (~> 0.5, >= 0.5.20190701)
      http-cookie (~> 1.0, >= 1.0.3)
      mime-types (~> 3.0)
      net-http-digest_auth (~> 1.4, >= 1.4.1)
      net-http-persistent (>= 2.5.2, < 5.0.dev)
      nkf
      nokogiri (~> 1.11, >= 1.11.2)
      rubyntlm (~> 0.6, >= 0.6.3)
      webrick (~> 1.7)
      webrobots (~> 0.1.2)
    mime-types (3.5.2)
      mime-types-data (~> 3.2015)
    mime-types-data (3.2024.0806)
    mini_portile2 (2.8.7)
    natto (1.2.0)
      ffi (>= 1.9.0)
    net-http-digest_auth (1.4.1)
    net-http-persistent (4.0.2)
      connection_pool (~> 2.2)
    nkf (0.2.0)
    nokogiri (1.16.7)
      mini_portile2 (~> 2.8.2)
      racc (~> 1.4)
    nokogiri (1.16.7-arm64-darwin)
      racc (~> 1.4)
    public_suffix (6.0.1)
    racc (1.8.1)
    retryable (3.0.5)
    rubyntlm (0.6.5)
      base64
    webrick (1.8.1)
    webrobots (0.1.2)

PLATFORMS
  arm64-darwin-23
  ruby

DEPENDENCIES
  gdbm
  mechanize
  natto
  retryable

BUNDLED WITH
   2.5.11
